GEM
  remote: https://rubygems.org/
  specs:
    coderay (1.1.0)
    i18n (0.6.9)
    method_source (0.8.2)
    pry (0.9.12.6)
      coderay (~> 1.0)
      method_source (~> 0.8)
      slop (~> 3.4)
    roman-numerals (0.3.0)
    ruby-enum (0.2.1)
      i18n
    slop (3.5.0)

PLATFORMS
  ruby

DEPENDENCIES
  pry
  roman-numerals
  ruby-enum
